Brain Vision Data Exchange Header File Version 1.0
[Common Infos]
DataFile=record-bv-generic-barto-[2019.05.11-17.11.47].eeg
MarkerFile=record-bv-generic-barto-[2019.05.11-17.11.47].vmrk
DataFormat=BINARY
DataOrientation=MULTIPLEXED
NumberOfChannels=16
SamplingInterval=4000
[Binary Infos]
BinaryFormat=IEEE_FLOAT_32
[Channel Infos]
Ch1=FZ,,1
Ch2=CZ,,1
Ch3=P3,,1
Ch4=PZ,,1
Ch5=P4,,1
Ch6=PO7,,1
Ch7=PO8,,1
Ch8=OZ,,1
Ch9=CH_Accel_x,,1
Ch10=CH_Accel_y,,1
Ch11=CH_Accel_z,,1
Ch12=CH_Counter,,1
Ch13=CH_LQ,,1
Ch14=CH_Battery,,1
Ch15=CH_Event,,1
Ch16=CH_Valid,,1
